GEM
  remote: https://rubygems.org/
  specs:
    arr-pm (0.0.10)
      cabin (> 0)
    backports (2.6.2)
    bunchr (0.1.6)
      fpm (= 0.4.26)
      ohai
      rake (>= 0.8.7)
      systemu
    cabin (0.4.4)
      json
    clamp (0.3.1)
    fpm (0.4.26)
      arr-pm (~> 0.0.7)
      backports (= 2.6.2)
      cabin (~> 0.4.3)
      clamp (= 0.3.1)
      json (= 1.6.6)
    ipaddress (0.8.0)
    json (1.6.6)
    mixlib-cli (1.5.0)
    mixlib-config (2.2.1)
    mixlib-log (1.6.0)
    mixlib-shellout (1.4.0)
    ohai (6.18.0)
      ipaddress
      mixlib-cli
      mixlib-config
      mixlib-log
      mixlib-shellout
      systemu
      yajl-ruby
    rake (10.4.2)
    systemu (2.2.0)
    yajl-ruby (1.4.1)

PLATFORMS
  ruby

DEPENDENCIES
  bunchr (= 0.1.6)
  mixlib-shellout (= 1.4.0)
  ohai (= 6.18.0)
  systemu (= 2.2.0)

BUNDLED WITH
   1.10.6
